GEM
  remote: https://rubygems.org/
  specs:
    motion-popup (1.0)
    rake (10.4.2)

PLATFORMS
  ruby

DEPENDENCIES
  motion-popup
  rake

BUNDLED WITH
   1.10.3
